PATH
  remote: .
  specs:
    vim-jar (0.0.1)

GEM
  remote: http://rubygems.org/
  specs:
    columnize (0.3.2)
    diff-lcs (1.1.2)
    fuubar (0.0.2)
      rspec (~> 2.0)
      rspec-instafail (~> 0.1.4)
      ruby-progressbar (~> 0.0.9)
    linecache (0.43)
    rr (1.0.2)
    rspec (2.1.0)
      rspec-core (~> 2.1.0)
      rspec-expectations (~> 2.1.0)
      rspec-mocks (~> 2.1.0)
    rspec-core (2.1.0)
    rspec-expectations (2.1.0)
      diff-lcs (~> 1.1.2)
    rspec-instafail (0.1.4)
    rspec-mocks (2.1.0)
    ruby-debug (0.10.4)
      columnize (>= 0.1)
      ruby-debug-base (~> 0.10.4.0)
    ruby-debug-base (0.10.4)
      linecache (>= 0.3)
    ruby-progressbar (0.0.9)

PLATFORMS
  ruby

DEPENDENCIES
  fuubar
  rr
  rspec
  ruby-debug
  vim-jar!
